GEM
  remote: https://rubygems.org/
  specs:
    activemodel (7.1.5)
      activesupport (= 7.1.5)
    activesupport (7.1.5)
      base64
      benchmark (>= 0.3)
      bigdecimal
      concurrent-ruby (~> 1.0, >= 1.0.2)
      connection_pool (>= 2.2.5)
      drb
      i18n (>= 1.6, < 2)
      logger (>= 1.4.2)
      minitest (>= 5.1)
      mutex_m
      securerandom (>= 0.3)
      tzinfo (~> 2.0)
    base64 (0.2.0)
    benchmark (0.4.0)
    bigdecimal (3.1.8)
    concurrent-ruby (1.3.4)
    connection_pool (2.4.1)
    deprecation (1.1.0)
      activesupport
    domain_name (0.6.20240107)
    drb (2.2.1)
    equivalent-xml (0.6.0)
      nokogiri (>= 1.4.3)
    hooks (0.4.1)
      uber (~> 0.0.14)
    http-accept (1.7.0)
    http-cookie (1.0.7)
      domain_name (~> 0.5)
    i18n (1.14.6)
      concurrent-ruby (~> 1.0)
    language_server-protocol (3.17.0.3)
    logger (1.6.2)
    mime-types (3.6.0)
      logger
      mime-types-data (~> 3.2015)
    mime-types-data (3.2024.1203)
    mini_portile2 (2.8.8)
    minitest (5.25.4)
    mutex_m (0.3.0)
    netrc (0.11.0)
    nokogiri (1.16.8-x86_64-linux)
      racc (~> 1.4)
    prism (1.2.0)
    racc (1.8.1)
    rbs (3.6.1)
      logger
    rest-client (2.1.0)
      http-accept (>= 1.7.0, < 2.0)
      http-cookie (>= 1.0.2, < 2.0)
      mime-types (>= 1.16, < 4.0)
      netrc (~> 0.8)
    ruby-lsp (0.22.1)
      language_server-protocol (~> 3.17.0)
      prism (>= 1.2, < 2.0)
      rbs (>= 3, < 4)
      sorbet-runtime (>= 0.5.10782)
    rubydora (2.2.0)
      activemodel (>= 4.2.10)
      activesupport
      deprecation
      equivalent-xml
      hooks (~> 0.3)
      mime-types
      nokogiri
      rest-client
    securerandom (0.3.2)
    sorbet-runtime (0.5.11678)
    sqlite3 (2.0.4)
      mini_portile2 (~> 2.8.0)
    tzinfo (2.0.6)
      concurrent-ruby (~> 1.0)
    uber (0.0.15)

PLATFORMS
  x86_64-linux

DEPENDENCIES
  ruby-lsp
  rubydora (~> 2.1)
  sqlite3

BUNDLED WITH
   2.2.33
